GEM
  remote: https://rubygems.org/
  specs:
    auto_reloader (0.4.1)
    coderay (1.1.2)
    erubi (1.7.1)
    method_source (0.9.0)
    mini_portile2 (2.3.0)
    mustermann (1.0.2)
    nokogiri (1.8.3)
      mini_portile2 (~> 2.3.0)
    nori (2.6.0)
    pry (0.11.3)
      coderay (~> 1.1.0)
      method_source (~> 0.9.0)
    rack (2.0.5)
    rack-protection (2.0.3)
      rack
    sinatra (2.0.3)
      mustermann (~> 1.0)
      rack (~> 2.0)
      rack-protection (= 2.0.3)
      tilt (~> 2.0)
    tilt (2.0.8)

PLATFORMS
  ruby

DEPENDENCIES
  auto_reloader (~> 0.4)
  erubi (~> 1.7)
  nokogiri
  nori
  pry
  sinatra (~> 2.0)
